PATH
  remote: .
  specs:
    what_have_i_don (0.0.1)
      i18n
      rainbow
      togglv8

GEM
  remote: https://rubygems.org/
  specs:
    coderay (1.1.0)
    faraday (0.9.2)
      multipart-post (>= 1.2, < 3)
    i18n (0.7.0)
    logger (1.2.8)
    method_source (0.8.2)
    multipart-post (2.0.0)
    oj (2.14.3)
    pry (0.10.3)
      coderay (~> 1.1.0)
      method_source (~> 0.8.1)
      slop (~> 3.4)
    rainbow (2.0.0)
    slop (3.6.0)
    togglv8 (1.0.4)
      faraday
      logger
      oj

PLATFORMS
  ruby

DEPENDENCIES
  pry
  what_have_i_don!

BUNDLED WITH
   1.10.6
