PATH
  remote: .
  specs:
    what_have_i_done (0.0.1)
      harvested (>= 3.1.1)
      redcarpet (>= 3.0.0)
      togglv8 (~> 1.0.0)

GEM
  remote: https://rubygems.org/
  specs:
    coderay (1.1.0)
    faraday (0.9.2)
      multipart-post (>= 1.2, < 3)
    harvested (3.1.1)
      hashie
      httparty
      json
    hashie (3.4.3)
    httparty (0.13.7)
      json (~> 1.8)
      multi_xml (>= 0.5.2)
    json (1.8.3)
    logger (1.2.8)
    method_source (0.8.2)
    multi_xml (0.5.5)
    multipart-post (2.0.0)
    oj (2.14.6)
    pry (0.10.3)
      coderay (~> 1.1.0)
      method_source (~> 0.8.1)
      slop (~> 3.4)
    redcarpet (3.3.4)
    slop (3.6.0)
    togglv8 (1.0.5)
      faraday
      logger
      oj

PLATFORMS
  ruby

DEPENDENCIES
  pry
  what_have_i_done!

BUNDLED WITH
   1.11.2
